GEM
  remote: https://rubygems.org/
  specs:
    activesupport (4.2.4)
      i18n (~> 0.7)
      json (~> 1.7, >= 1.7.7)
      minitest (~> 5.1)
      thread_safe (~> 0.3, >= 0.3.4)
      tzinfo (~> 1.1)
    addressable (2.3.8)
    colorize (0.7.7)
    csvlint (0.2.4)
      activesupport
      addressable
      colorize
      escape_utils
      mime-types
      open_uri_redirections
      thor
      typhoeus
      uri_template
    escape_utils (1.1.0)
    ethon (0.8.0)
      ffi (>= 1.3.0)
    ffi (1.9.6)
    i18n (0.7.0)
    json (1.8.3)
    mime-types (2.6.2)
    minitest (5.8.1)
    open_uri_redirections (0.2.1)
    rake (10.4.2)
    thor (0.19.1)
    thread_safe (0.3.5)
    typhoeus (0.8.0)
      ethon (>= 0.8.0)
    tzinfo (1.2.2)
      thread_safe (~> 0.1)
    uri_template (0.7.0)

PLATFORMS
  ruby

DEPENDENCIES
  csvlint
  ffi (= 1.9.6)
  rake
  thor
