GEM
  remote: https://rubygems.org/
  specs:
    activesupport (6.0.3.1)
      concurrent-ruby (~> 1.0, >= 1.0.2)
      i18n (>= 0.7, < 2)
      minitest (~> 5.1)
      tzinfo (~> 1.1)
      zeitwerk (~> 2.2, >= 2.2.2)
    addressable (2.4.0)
    colorize (0.7.7)
    concurrent-ruby (1.1.6)
    csvlint (0.3.2)
      activesupport
      addressable
      colorize
      escape_utils
      mime-types
      open_uri_redirections
      thor
      typhoeus
      uri_template
    escape_utils (1.2.1)
    ethon (0.9.0)
      ffi (>= 1.3.0)
    ffi (1.13.1)
    i18n (1.8.3)
      concurrent-ruby (~> 1.0)
    mime-types (3.1)
      mime-types-data (~> 3.2015)
    mime-types-data (3.2016.0521)
    minitest (5.14.1)
    open_uri_redirections (0.2.1)
    rake (12.3.3)
    thor (0.19.1)
    thread_safe (0.3.6)
    typhoeus (1.0.2)
      ethon (>= 0.9.0)
    tzinfo (1.2.7)
      thread_safe (~> 0.1)
    uri_template (0.7.0)
    zeitwerk (2.3.0)

PLATFORMS
  ruby

DEPENDENCIES
  csvlint
  ffi (= 1.13.1)
  rake
  thor

BUNDLED WITH
   1.11.2
