GEM
  remote: https://rubygems.org/
  specs:
    activesupport (7.1.3.2)
      base64
      bigdecimal
      concurrent-ruby (~> 1.0, >= 1.0.2)
      connection_pool (>= 2.2.5)
      drb
      i18n (>= 1.6, < 2)
      minitest (>= 5.1)
      mutex_m
      tzinfo (~> 2.0)
    addressable (2.8.6)
      public_suffix (>= 2.0.2, < 6.0)
    base64 (0.2.0)
    bigdecimal (3.1.7)
    concurrent-ruby (1.2.3)
    connection_pool (2.4.1)
    csv (3.3.0)
    csvlint (1.4.0)
      activesupport
      addressable
      csv
      escape_utils
      net-http-persistent
      open_uri_redirections
      rack
      rainbow
      thor
      typhoeus
      uri_template
    drb (2.2.1)
    escape_utils (1.3.0)
    ethon (0.16.0)
      ffi (>= 1.15.0)
    ffi (1.16.3)
    i18n (1.14.4)
      concurrent-ruby (~> 1.0)
    minitest (5.22.3)
    mutex_m (0.2.0)
    net-http-persistent (4.0.2)
      connection_pool (~> 2.2)
    open_uri_redirections (0.2.1)
    public_suffix (5.0.5)
    rack (3.0.10)
    rainbow (3.1.1)
    rake (13.2.1)
    thor (1.3.1)
    typhoeus (1.4.1)
      ethon (>= 0.9.0)
    tzinfo (2.0.6)
      concurrent-ruby (~> 1.0)
    uri_template (0.7.0)

PLATFORMS
  ruby

DEPENDENCIES
  csvlint
  ffi (= 1.16.3)
  rake
  thor

BUNDLED WITH
   1.11.2
