GEM
  remote: https://rubygems.org/
  specs:
    activesupport (7.0.3.1)
      concurrent-ruby (~> 1.0, >= 1.0.2)
      i18n (>= 1.6, < 2)
      minitest (>= 5.1)
      tzinfo (~> 2.0)
    addressable (2.8.0)
      public_suffix (>= 2.0.2, < 5.0)
    colorize (0.8.1)
    concurrent-ruby (1.1.10)
    csvlint (0.4.0)
      activesupport
      addressable
      colorize
      escape_utils
      mime-types
      net-http-persistent (< 3.0)
      open_uri_redirections
      rack
      thor
      typhoeus
      uri_template
    escape_utils (1.2.1)
    ethon (0.12.0)
      ffi (>= 1.3.0)
    ffi (1.15.5)
    i18n (1.12.0)
      concurrent-ruby (~> 1.0)
    mime-types (3.3.1)
      mime-types-data (~> 3.2015)
    mime-types-data (3.2020.0512)
    minitest (5.16.2)
    net-http-persistent (2.9.4)
    open_uri_redirections (0.2.1)
    public_suffix (4.0.6)
    rack (2.2.3)
    rake (13.0.6)
    thor (1.2.1)
    typhoeus (1.4.0)
      ethon (>= 0.9.0)
    tzinfo (2.0.5)
      concurrent-ruby (~> 1.0)
    uri_template (0.7.0)

PLATFORMS
  ruby

DEPENDENCIES
  csvlint
  ffi (= 1.15.5)
  rake
  thor

BUNDLED WITH
   1.11.2
